GEM
  remote: http://rubygems.org/
  specs:
    activesupport (3.1.0)
      multi_json (~> 1.0)
    archive-tar-minitar (0.5.2)
    bcrypt-ruby (2.1.4)
    columnize (0.3.4)
    cssmin (1.0.2)
    haml (3.1.2)
    jsmin (1.0.1)
    kgio (2.6.0)
    linecache19 (0.5.12)
      ruby_core_source (>= 0.1.4)
    multi_json (1.0.3)
    nokogiri (1.5.0)
    rack (1.3.2)
    rack-flash (0.1.2)
      rack
    rails_config (0.2.4)
      activesupport (>= 3.0)
    raindrops (0.7.0)
    redis (2.2.2)
    remote_syslog_logger (1.0.3)
      syslog_protocol
    ruby-debug-base19 (0.11.25)
      columnize (>= 0.3.1)
      linecache19 (>= 0.5.11)
      ruby_core_source (>= 0.1.4)
    ruby-debug19 (0.11.6)
      columnize (>= 0.3.1)
      linecache19 (>= 0.5.11)
      ruby-debug-base19 (>= 0.11.19)
    ruby_core_source (0.1.5)
      archive-tar-minitar (>= 0.5.2)
    shotgun (0.9)
      rack (>= 1.0)
    sinatra (1.2.6)
      rack (~> 1.1)
      tilt (< 2.0, >= 1.2.2)
    sinatra-redirect-with-flash (0.1.2)
      rack-flash (>= 0.1.1)
      sinatra (>= 0.9.1)
    syslog_protocol (0.9.0)
    thor (0.14.6)
    tilt (1.3.3)
    unicorn (4.1.1)
      kgio (~> 2.4)
      rack
      raindrops (~> 0.6)
    warden (1.0.5)
      rack (>= 1.0)

PLATFORMS
  ruby

DEPENDENCIES
  bcrypt-ruby (~> 2.1.4)
  cssmin
  haml
  jsmin
  nokogiri
  rack-flash
  rails_config
  redis
  remote_syslog_logger
  ruby-debug19
  shotgun
  sinatra (= 1.2.6)
  sinatra-redirect-with-flash
  thor
  unicorn
  warden
